PATH
  remote: .
  specs:
    aws_ssh_key (0.1.0)
      aws-sdk (~> 2.11)

GEM
  remote: https://rubygems.org/
  specs:
    aws-sdk (2.11.78)
      aws-sdk-resources (= 2.11.78)
    aws-sdk-core (2.11.78)
      aws-sigv4 (~> 1.0)
      jmespath (~> 1.0)
    aws-sdk-resources (2.11.78)
      aws-sdk-core (= 2.11.78)
    aws-sigv4 (1.0.3)
    diff-lcs (1.3)
    jmespath (1.4.0)
    rake (12.3.1)
    rspec (3.7.0)
      rspec-core (~> 3.7.0)
      rspec-expectations (~> 3.7.0)
      rspec-mocks (~> 3.7.0)
    rspec-core (3.7.1)
      rspec-support (~> 3.7.0)
    rspec-expectations (3.7.0)
      diff-lcs (>= 1.2.0, < 2.0)
      rspec-support (~> 3.7.0)
    rspec-mocks (3.7.0)
      diff-lcs (>= 1.2.0, < 2.0)
      rspec-support (~> 3.7.0)
    rspec-support (3.7.1)

PLATFORMS
  ruby

DEPENDENCIES
  aws_ssh_key!
  bundler
  rake
  rspec

BUNDLED WITH
   1.16.2
